PATH
  remote: .
  specs:
    business_time (0.8.1)
      activesupport (>= 3.1.0, < 5)
      tzinfo

GEM
  remote: https://rubygems.org/
  specs:
    activesupport (4.2.7)
      i18n (~> 0.7)
      json (~> 1.7, >= 1.7.7)
      minitest (~> 5.1)
      thread_safe (~> 0.3, >= 0.3.4)
      tzinfo (~> 1.1)
    ansi (1.5.0)
    builder (3.2.2)
    i18n (0.7.0)
    json (1.8.2)
    minitest (5.5.1)
    minitest-reporters (1.0.20)
      ansi
      builder
      minitest (>= 5.0)
      ruby-progressbar
    minitest-rg (5.1.0)
      minitest (~> 5.0)
    rake (10.4.2)
    rdoc (4.2.0)
      json (~> 1.4)
    ruby-progressbar (1.7.5)
    thread_safe (0.3.5)
    tzinfo (1.2.2)
      thread_safe (~> 0.1)

PLATFORMS
  ruby

DEPENDENCIES
  business_time!
  minitest (~> 5)
  minitest-reporters (~> 1)
  minitest-rg (~> 5)
  rake (~> 10)
  rdoc (~> 4)

BUNDLED WITH
   1.10.6
