PATH
  remote: .
  specs:
    business_time (0.9.0)
      activesupport (~> 3.1, >= 3.1.0)
      tzinfo (~> 1.2)

GEM
  remote: https://rubygems.org/
  specs:
    activesupport (3.2.22)
      i18n (~> 0.6, >= 0.6.4)
      multi_json (~> 1.0)
    ansi (1.5.0)
    builder (3.2.2)
    i18n (0.7.0)
    json (1.8.2)
    minitest (5.5.1)
    minitest-reporters (1.0.20)
      ansi
      builder
      minitest (>= 5.0)
      ruby-progressbar
    minitest-rg (5.1.0)
      minitest (~> 5.0)
    multi_json (1.11.2)
    rake (10.4.2)
    rdoc (4.2.0)
      json (~> 1.4)
    ruby-progressbar (1.7.5)
    thread_safe (0.3.5)
    tzinfo (1.2.2)
      thread_safe (~> 0.1)

PLATFORMS
  ruby

DEPENDENCIES
  business_time!
  minitest (~> 5)
  minitest-reporters (~> 1)
  minitest-rg (~> 5)
  rake (~> 10)
  rdoc (~> 4)

BUNDLED WITH
   1.10.3
